GEM
  remote: http://rubygems.org/
  specs:
    haml (3.1.2)
    rack (1.3.0)
    shotgun (0.9)
      rack (>= 1.0)
    sinatra (1.2.6)
      rack (~> 1.1)
      tilt (< 2.0, >= 1.2.2)
    tilt (1.3.2)
    unicorn (1.0.2)
      rack

PLATFORMS
  ruby

DEPENDENCIES
  haml
  rack (>= 1.3.0)
  shotgun
  sinatra
  unicorn (~> 1.0.0)
