GEM
  remote: http://rubygems.org/
  specs:
    haml (3.1.2)
    mustermann (1.1.1)
      ruby2_keywords (~> 0.0.1)
    rack (2.2.3.1)
    rack-protection (2.2.0)
      rack
    ruby2_keywords (0.0.5)
    shotgun (0.9.2)
      rack (>= 1.0)
    sinatra (2.2.0)
      mustermann (~> 1.0)
      rack (~> 2.2)
      rack-protection (= 2.2.0)
      tilt (~> 2.0)
    tilt (2.0.10)
    unicorn (1.0.2)
      rack

PLATFORMS
  ruby

DEPENDENCIES
  haml
  rack (>= 2.0.9.1)
  shotgun
  sinatra (>= 2.0.0)
  unicorn (~> 1.0.2)

BUNDLED WITH
   2.1.4
