GEM
  remote: http://rubygems.org/
  specs:
    haml (3.1.2)
    mustermann (3.0.0)
      ruby2_keywords (~> 0.0.1)
    rack (2.2.4)
    rack-protection (3.0.4)
      rack
    ruby2_keywords (0.0.5)
    shotgun (0.9)
      rack (>= 1.0)
    sinatra (3.0.4)
      mustermann (~> 3.0)
      rack (~> 2.2, >= 2.2.4)
      rack-protection (= 3.0.4)
      tilt (~> 2.0)
    tilt (2.0.11)
    unicorn (1.0.2)
      rack

PLATFORMS
  ruby

DEPENDENCIES
  haml
  rack (>= 1.3.0)
  shotgun
  sinatra (>= 2.2.3)
  unicorn (~> 1.0.0)

BUNDLED WITH
   2.1.4
