GEM
  remote: http://rubygems.org/
  specs:
    base64 (0.2.0)
    haml (3.1.2)
    mustermann (3.0.0)
      ruby2_keywords (~> 0.0.1)
    rack (3.0.8)
    rack-protection (4.0.0)
      base64 (>= 0.1.0)
      rack (>= 3.0.0, < 4)
    rack-session (2.0.0)
      rack (>= 3.0.0)
    ruby2_keywords (0.0.5)
    shotgun (0.9)
      rack (>= 1.0)
    sinatra (4.0.0)
      mustermann (~> 3.0)
      rack (>= 3.0.0, < 4)
      rack-protection (= 4.0.0)
      rack-session (>= 2.0.0, < 3)
      tilt (~> 2.0)
    tilt (2.3.0)
    unicorn (1.0.2)
      rack

PLATFORMS
  ruby

DEPENDENCIES
  haml
  rack (>= 1.3.0)
  shotgun
  sinatra (>= 4.0.0)
  unicorn (~> 1.0.0)

BUNDLED WITH
   2.1.4
